GEM
  remote: http://rubygems.org/
  specs:
    aws-sdk (2.9.44)
      aws-sdk-resources (= 2.9.44)
    aws-sdk-core (2.9.44)
      aws-sigv4 (~> 1.0)
      jmespath (~> 1.0)
    aws-sdk-resources (2.9.44)
      aws-sdk-core (= 2.9.44)
    aws-sigv4 (1.0.0)
    jmespath (1.3.1)

PLATFORMS
  ruby

DEPENDENCIES
  aws-sdk (~> 2.9.6)

BUNDLED WITH
   1.15.1
